PATH
  remote: .
  specs:
    node_task (0.3.2)
      daemon_controller (~> 1.2, >= 1.2.0)

GEM
  remote: https://rubygems.org/
  specs:
    daemon_controller (1.2.0)
    diff-lcs (1.2.5)
    rake (10.4.2)
    rspec (3.2.0)
      rspec-core (~> 3.2.0)
      rspec-expectations (~> 3.2.0)
      rspec-mocks (~> 3.2.0)
    rspec-core (3.2.3)
      rspec-support (~> 3.2.0)
    rspec-expectations (3.2.1)
      diff-lcs (>= 1.2.0, < 2.0)
      rspec-support (~> 3.2.0)
    rspec-mocks (3.2.1)
      diff-lcs (>= 1.2.0, < 2.0)
      rspec-support (~> 3.2.0)
    rspec-support (3.2.2)

PLATFORMS
  ruby

DEPENDENCIES
  node_task!
  rake
  rspec

BUNDLED WITH
   1.10.6
